GEM
  remote: http://rubygems.org/
  specs:
    cinch (1.1.3)
    configru (3.1.0)

PLATFORMS
  ruby

DEPENDENCIES
  cinch (~> 1.1.3)
  configru (~> 3.1.0)
